PATH
  remote: .
  specs:
    notification-dispatch (0.2)
      dogapi
      keen

GEM
  remote: http://rubygems.org/
  specs:
    addressable (2.3.8)
    diff-lcs (1.2.5)
    dogapi (1.15.0)
      json (>= 1.5.1)
    json (1.8.2)
    keen (0.9.5)
      addressable (~> 2.3.5)
      multi_json (~> 1.3)
    multi_json (1.11.2)
    rake (10.4.2)
    rspec (3.2.0)
      rspec-core (~> 3.2.0)
      rspec-expectations (~> 3.2.0)
      rspec-mocks (~> 3.2.0)
    rspec-core (3.2.0)
      rspec-support (~> 3.2.0)
    rspec-expectations (3.2.0)
      diff-lcs (>= 1.2.0, < 2.0)
      rspec-support (~> 3.2.0)
    rspec-mocks (3.2.0)
      diff-lcs (>= 1.2.0, < 2.0)
      rspec-support (~> 3.2.0)
    rspec-support (3.2.1)

PLATFORMS
  ruby

DEPENDENCIES
  dogapi
  keen
  notification-dispatch!
  rake
  rspec

BUNDLED WITH
   1.11.2
