PATH
  remote: .
  specs:
    notification-dispatch (0.2)
      dogapi

GEM
  remote: http://rubygems.org/
  specs:
    diff-lcs (1.2.5)
    dogapi (1.15.0)
      json (>= 1.5.1)
    json (1.8.2)
    rake (10.4.2)
    rspec (3.2.0)
      rspec-core (~> 3.2.0)
      rspec-expectations (~> 3.2.0)
      rspec-mocks (~> 3.2.0)
    rspec-core (3.2.0)
      rspec-support (~> 3.2.0)
    rspec-expectations (3.2.0)
      diff-lcs (>= 1.2.0, < 2.0)
      rspec-support (~> 3.2.0)
    rspec-mocks (3.2.0)
      diff-lcs (>= 1.2.0, < 2.0)
      rspec-support (~> 3.2.0)
    rspec-support (3.2.1)

PLATFORMS
  ruby

DEPENDENCIES
  dogapi
  notification-dispatch!
  rake
  rspec

BUNDLED WITH
   1.11.2
